GEM
  specs:
    rake (12.3.0)

PLATFORMS
  ruby

DEPENDENCIES
  rake

RUBY VERSION
   ruby 2.5.3p105

BUNDLED WITH
   1.17.3
